GIT
  remote: https://github.com/vizor-games/grably.git
  revision: 2f0e75cb4c148a1e1e8bfe0938ce56528bf6b471
  ref: 2f0e75cb
  specs:
    grably (0.0.3)
      colorize (~> 0.8.1)
      ffi
      jac (~> 0.0.5)
      powerpack (~> 0.1.0)
      rake (~> 12.0)
      rubyzip (~> 1.2.1)
      thor (~> 0)

GEM
  remote: https://rubygems.org/
  specs:
    colorize (0.8.1)
    ffi (1.10.0)
    jac (0.0.5)
    powerpack (0.1.2)
    rake (12.3.2)
    rubyzip (1.2.2)
    thor (0.20.3)

PLATFORMS
  ruby

DEPENDENCIES
  grably!

BUNDLED WITH
   1.17.3
